!INTERFILE  :=
!imaging modality := PT
originating system := GE Discovery 690
!version of keys := STIR6.0
name of data file := emission.v
!GENERAL DATA :=
!GENERAL IMAGE DATA :=
!type of data := PET
imagedata byte order := LITTLEENDIAN
number of radionuclides := 1
radionuclide name[1] := ^18^Fluorine
radionuclide halflife (sec)[1] := 6584.04
radionuclide branching factor[1] := 0.9686
!PET STUDY (General) :=
!PET data type := Image
process status := Reconstructed
!number format := float
!number of bytes per pixel := 4
number of dimensions := 3
matrix axis label [1] := x
!matrix size [1] := 337
scaling factor (mm/pixel) [1] := 2.1306
matrix axis label [2] := y
!matrix size [2] := 337
scaling factor (mm/pixel) [2] := 2.1306
matrix axis label [3] := z
!matrix size [3] := 47
scaling factor (mm/pixel) [3] := 3.27
first pixel offset (mm) [1] := -357.941
first pixel offset (mm) [2] := -357.941
first pixel offset (mm) [3] := 0
number of time frames := 1
image duration (sec)[1] := 900
image relative start time (sec)[1] := 0
!END OF INTERFILE :=
